{
  "AcquisitionMatrixPE": 192,
  "AcquisitionNumber": 1,
  "AcquisitionTime": "14:12:9.000000",
  "CoilString": "8HRBRAIN",
  "ConversionSoftware": "dcm2niix",
  "ConversionSoftwareVersion": "v1.0.20190902",
  "DeviceSerialNumber": "0000000517353VH3",
  "EchoTime": 0.005012,
  "FlipAngle": 8,
  "ImageOrientationPatientDICOM": [1, 0, 0, 0, 1, 0],
  "ImageType": [
    "ORIGINAL",
    "PRIMARY",
    "OTHER"
],
  "ImagingFrequency": 127.727,
  "InPlanePhaseEncodingDirectionDICOM": "ROW",
  "InstitutionName": "Michigan_State_University",
  "InversionTime": 0.5,
  "MRAcquisitionType": "3D",
  "MagneticFieldStrength": 3,
  "Manufacturer": "GE",
  "ManufacturersModelName": "SIGNA_HDx",
  "Modality": "MR",
  "PatientPosition": "HFS",
  "PercentPhaseFOV": 100,
  "PixelBandwidth": 122.109,
  "ProtocolName": "T1Volume_Axial",
  "ReconMatrixPE": 256,
  "RepetitionTime": 0.01144,
  "SAR": 0.151689,
  "ScanOptions": "FAST_GEMS",
  "ScanningSequence": "GR",
  "SequenceVariant": "SS_SP_SK",
  "SeriesDescription": "T1Volume_Axial",
  "SeriesNumber": 5,
  "SliceThickness": 1.5,
  "SoftwareVersions": "14_LX_MR_Software_release:14.0_M4_0629.a",
  "SpacingBetweenSlices": 1.5,
  "StationName": "MR03MR03",
  "dcmmeta_affine": [
    [0.9375, 0.0, 0.0, -114.26349639892578],
    [0.0, 0.9375, 0.0, -87.82350158691406],
    [0.0, 0.0, 1.5, -22.518999099731445],
    [0.0, 0.0, 0.0, 1.0]
],
  "dcmmeta_reorient_transform": [
    [0.0, -1.0, 0.0, 255.0],
    [-1.0, 0.0, 0.0, 255.0],
    [0.0, 0.0, -1.0, 119.0],
    [0.0, 0.0, 0.0, 1.0]
],
  "dcmmeta_shape": [256, 256, 120],
  "dcmmeta_slice_dim": 2,
  "dcmmeta_version": 0.6,
  "global": {
    "const": {
      "AcquisitionMatrix": [0, 256, 192, 0],
      "AcquisitionNumber": 1,
      "AcquisitionTime": "141209",
      "AngioFlag": "N",
      "BitsAllocated": 16,
      "BitsStored": 16,
      "CardiacNumberOfImages": 0,
      "Columns": 256,
      "ContentTime": "141209",
      "EchoNumbers": 1,
      "EchoTime": 5.012,
      "EchoTrainLength": 1,
      "FlipAngle": 8.0,
      "GroupLength_0X10_0X0": 90,
      "GroupLength_0X18_0X0": 464,
      "GroupLength_0X40_0X0": 28,
      "GroupLength_0X7FE0_0X0": 131084,
      "GroupLength_0X8_0X0": 994,
      "HeartRate": 218,
      "HighBit": 15,
      "ImageOrientationPatient": [1.0, -0.0, 0.0, -0.0, 1.0, 0.0],
      "ImageType": [
        "ORIGINAL",
        "PRIMARY",
        "OTHER"
],
      "ImagedNucleus": "1H",
      "ImagesInAcquisition": 120,
      "ImagingFrequency": 127.726924,
      "InPlanePhaseEncodingDirection": "ROW",
      "InversionTime": 500.0,
      "MRAcquisitionType": "3D",
      "MagneticFieldStrength": 3.0,
      "Manufacturer": "GE MEDICAL SYSTEMS",
      "ManufacturerModelName": "SIGNA HDx",
      "Modality": "MR",
      "NumberOfAverages": 1.0,
      "PercentPhaseFieldOfView": 100.0,
      "PercentSampling": 100.0,
      "PhotometricInterpretation": "MONOCHROME2",
      "PixelBandwidth": 122.109,
      "PixelRepresentation": 1,
      "PixelSpacing": [0.9375, 0.9375],
      "ProtocolName": "Rene 10-06/4",
      "ReceiveCoilName": "8HRBRAIN",
      "ReconstructionDiameter": 240.0,
      "ReferencedPerformedProcedureStepSequence": [
        {
          "ReferencedSOPClassUID": "1.2.840.10008.3.1.2.3.3",
          "ReferencedSOPInstanceUID": "1.2.840.113619.2.207.3596.11861878.25347.1168869664.371"}
],
      "ReferencedStudySequence": [
        {
          "ReferencedSOPClassUID": "1.2.840.10008.3.1.2.3.1",
          "ReferencedSOPInstanceUID": "1.2.840.113619.2.207.3596.11861878.25347.1168869664.372"}
],
      "RepetitionTime": 11.44,
      "Rows": 256,
      "SAR": 0.151689,
      "SamplesPerPixel": 1,
      "ScanOptions": "FAST_GEMS",
      "ScanningSequence": "GR",
      "SequenceVariant": [
        "SS",
        "SP",
        "SK"
],
      "SeriesDescription": "T1Volume Axial",
      "SeriesNumber": 5,
      "SeriesTime": "141209",
      "SliceThickness": 1.5,
      "SmallestImagePixelValue": 0,
      "SoftwareVersions": [
 "14",
        "LX",
        "MR Software release:14.0_M4_0629.a"
],
      "SpacingBetweenSlices": 1.5,
      "SpecificCharacterSet": "ISO_IR 100",
      "StackID": "1",
      "StudyID": "12425",
      "StudyTime": "133006",
      "TriggerWindow": 0,
      "VariableFlipAngleFlag": "N"
    },
